GEM
  remote: https://rubygems.org/
  specs:
    cinch (2.1.0)
    mini_portile2 (2.8.1)
    nokogiri (1.14.3)
      mini_portile2 (~> 2.8.0)
      racc (~> 1.4)
    racc (1.6.2)

PLATFORMS
  ruby

DEPENDENCIES
  cinch
  nokogiri
